GEM
  remote: https://rubygems.org/
  specs:
    addressable (2.5.0)
      public_suffix (~> 2.0, >= 2.0.2)
    autoprefixer-rails (6.7.7.1)
      execjs
    bourbon (4.3.3)
      sass (~> 3.4)
      thor (~> 0.19)
    colorator (1.1.0)
    concurrent-ruby (1.0.5)
    em-websocket (0.5.1)
      eventmachine (>= 0.12.9)
      http_parser.rb (~> 0.6.0)
    eventmachine (1.2.3)
    execjs (2.7.0)
    exifr (1.2.5)
    extras (0.1.0)
      forwardable-extended (~> 2.5)
    fastimage (2.1.0)
    ffi (1.9.18)
    forwardable-extended (2.6.0)
    fspath (3.1.0)
    htmlcompressor (0.3.1)
    http_parser.rb (0.6.0)
    image_optim (0.24.2)
      exifr (~> 1.2, >= 1.2.2)
      fspath (~> 3.0)
      image_size (~> 1.5)
      in_threads (~> 1.3)
      progress (~> 3.0, >= 3.0.1)
    image_optim_pack (0.3.1.20170318)
      fspath (>= 2.1, < 4)
      image_optim (~> 0.19)
    image_size (1.5.0)
    in_threads (1.4.0)
    jekyll (3.3.1)
      addressable (~> 2.4)
      colorator (~> 1.0)
      jekyll-sass-converter (~> 1.0)
      jekyll-watch (~> 1.1)
      kramdown (~> 1.3)
      liquid (~> 3.0)
      mercenary (~> 0.3.3)
      pathutil (~> 0.9)
      rouge (~> 1.7)
      safe_yaml (~> 1.0)
    jekyll-archives (2.1.1)
      jekyll (>= 2.4)
    jekyll-assets (2.2.8)
      extras (~> 0.1)
      fastimage (~> 2.0, >= 1.8)
      jekyll (~> 3.1, >= 3.0)
      pathutil (>= 0.8)
      rack (> 1, < 2)
      sprockets (~> 3.3, < 3.7)
    jekyll-feed (0.9.1)
      jekyll (~> 3.3)
    jekyll-livereload (0.2.2)
      em-websocket (~> 0.5)
      jekyll (~> 3.0)
    jekyll-minifier (0.0.6)
      htmlcompressor (~> 0.3.0)
      jekyll (>= 3.0.0)
      yui-compressor (~> 0.12)
    jekyll-sass-converter (1.5.0)
      sass (~> 3.4)
    jekyll-sitemap (1.0.0)
      jekyll (~> 3.3)
    jekyll-watch (1.5.0)
      listen (~> 3.0, < 3.1)
    kramdown (1.13.2)
    liquid (3.0.6)
    listen (3.0.8)
      rb-fsevent (~> 0.9, >= 0.9.4)
      rb-inotify (~> 0.9, >= 0.9.7)
    mercenary (0.3.6)
    neat (2.0.0)
      sass (~> 3.4)
      thor (~> 0.19)
    pathutil (0.14.0)
      forwardable-extended (~> 2.6)
    progress (3.3.1)
    public_suffix (2.0.5)
    rack (1.6.5)
    rb-fsevent (0.9.8)
    rb-inotify (0.9.8)
      ffi (>= 0.5.0)
    rouge (1.11.1)
    safe_yaml (1.0.4)
    sass (3.4.23)
    sprockets (3.6.3)
      concurrent-ruby (~> 1.0)
      rack (> 1, < 3)
    thor (0.19.4)
    uglifier (3.1.9)
      execjs (>= 0.3.0, < 3)
    yui-compressor (0.12.0)

PLATFORMS
  ruby

DEPENDENCIES
  autoprefixer-rails
  bourbon
  image_optim
  image_optim_pack
  jekyll (= 3.3.1)
  jekyll-archives
  jekyll-assets
  jekyll-feed (~> 0.6)
  jekyll-livereload
  jekyll-minifier
  jekyll-sitemap
  neat
  sass
  uglifier

RUBY VERSION
   ruby 2.5.1p57

BUNDLED WITH
   1.16.4
